GEM
  remote: https://rubygems.org/
  specs:
    minitest (5.14.2)
    rake (13.2.1)

PLATFORMS
  x86_64-linux

DEPENDENCIES
  minitest (~> 5.14.2)
  rake (~> 13.2.1)

BUNDLED WITH
   2.3.5
